GIT
  remote: git@github.com:nestor-gm/ruql.git
  revision: c84ff27ef45be4cc1cd9a2cf8869bc6a5d2fd387
  branch: develop
  specs:
    ruql (0.0.5)
      builder (~> 3.2)
      getopt (~> 1.4)
      htmlentities (~> 4.3)
      i18n (~> 0.6)
      json (~> 1.8)
      locale (~> 2.1)
      sass (~> 3.2)

GEM
  remote: http://rubygems.org/
  specs:
    activemodel (5.1.4)
      activesupport (= 5.1.4)
    activerecord (5.1.4)
      activemodel (= 5.1.4)
      activesupport (= 5.1.4)
      arel (~> 8.0)
    activesupport (5.1.4)
      concurrent-ruby (~> 1.0, >= 1.0.2)
      i18n (~> 0.7)
      minitest (~> 5.1)
      tzinfo (~> 1.1)
    arel (8.0.0)
    bcrypt (3.1.11)
    builder (3.2.3)
    concurrent-ruby (1.0.5)
    ffi (1.9.18)
    getopt (1.4.3)
    htmlentities (4.3.4)
    i18n (0.9.1)
      concurrent-ruby (~> 1.0)
    json (1.8.6)
    locale (2.1.2)
    minitest (5.10.3)
    mustermann (1.0.1)
    rack (2.0.3)
    rack-flash3 (1.0.5)
      rack
    rack-protection (2.0.0)
      rack
    rake (12.2.1)
    rb-fsevent (0.10.2)
    rb-inotify (0.9.10)
      ffi (>= 0.5.0, < 2)
    require_all (1.4.0)
    sass (3.5.3)
      sass-listen (~> 4.0.0)
    sass-listen (4.0.0)
      rb-fsevent (~> 0.9, >= 0.9.4)
      rb-inotify (~> 0.9, >= 0.9.7)
    sinatra (2.0.0)
      mustermann (~> 1.0)
      rack (~> 2.0)
      rack-protection (= 2.0.0)
      tilt (~> 2.0)
    sinatra-activerecord (2.0.13)
      activerecord (>= 3.2)
      sinatra (>= 1.0)
    sqlite3 (1.3.13)
    thread_safe (0.3.6)
    tilt (2.0.8)
    tzinfo (1.2.4)
      thread_safe (~> 0.1)

PLATFORMS
  ruby

DEPENDENCIES
  activerecord
  bcrypt
  rack-flash3
  rake
  require_all
  ruql!
  sinatra
  sinatra-activerecord
  sqlite3

BUNDLED WITH
   1.15.4
